REDIRECTS: ON
RESTRICTION: == net45
NUGET
  remote: https://www.nuget.org/api/v2
    FSharp.Core (3.1.2)
    FsPickler (4.0)
      FSharp.Core (>= 3.1)
    Unquote (2.2.2)

GROUP Build
REDIRECTS: ON
RESTRICTION: == net45
NUGET
  remote: https://www.nuget.org/api/v2
    FAKE (4.63.2)
    NuGet.CommandLine (4.3)
    Octokit (0.27)
GITHUB
  remote: fsharp/FAKE
    modules/Octokit/Octokit.fsx (e672bab0bef3a196e1c72a832b26521cf9428116)
      Octokit (>= 0.20)
GROUP Test
REDIRECTS: ON
RESTRICTION: == net45
NUGET
  remote: https://www.nuget.org/api/v2
    FSharp.Core (4.1.18)
    FsUnit (1.3.0.1)
      NUnit (>= 2.6.3)
    NUnit (2.6.4)
    NUnit.Runners (2.6.4)
